PATH
  remote: .
  specs:
    daily_image (0.1.5)
      ruby-vips (~> 2.0.17)

GEM
  remote: https://rubygems.org/
  specs:
    ffi (1.11.1)
    minitest (5.11.3)
    rake (12.3.3)
    ruby-vips (2.0.17)
      ffi (~> 1.9)

PLATFORMS
  ruby

DEPENDENCIES
  bundler (~> 1.16)
  daily_image!
  minitest (~> 5.0)
  rake (~> 12.3, >= 12.3.3)

BUNDLED WITH
   1.17.2
